GEM
  remote: https://rubygems.org/
  specs:
    colorize (0.8.1)
    curb (0.9.7)
    highline (2.0.0)
    mini_portile2 (2.3.0)
    nokogiri (1.8.5)
      mini_portile2 (~> 2.3.0)
    options (2.3.2)
    progress_bar (1.3.0)
      highline (>= 1.6, < 3)
      options (~> 2.3.0)

PLATFORMS
  ruby

DEPENDENCIES
  colorize
  curb
  nokogiri
  progress_bar

BUNDLED WITH
   1.17.1
